GEM
  remote: https://rubygems.org/
  specs:
    directory_watcher (1.4.1)
    english_tea (1.14.0)
    ffi (1.9.18)
    rb-fsevent (0.10.2)
    rb-inotify (0.9.10)
      ffi (>= 0.5.0, < 2)
    sass (3.5.4)
      sass-listen (~> 4.0.0)
    sass-listen (4.0.0)
      rb-fsevent (~> 0.9, >= 0.9.4)
      rb-inotify (~> 0.9, >= 0.9.7)
    slim (3.0.9)
      temple (>= 0.7.6, < 0.9)
      tilt (>= 1.3.3, < 2.1)
    slop (3.3.2)
    stasis (0.2.0)
      directory_watcher (= 1.4.1)
      slop (= 3.3.2)
      tilt (= 1.3.3)
    temple (0.8.0)
    tilt (1.3.3)

PLATFORMS
  ruby

DEPENDENCIES
  english_tea
  sass
  slim
  stasis

BUNDLED WITH
   1.16.1
